FRAMEWORK: NET45
NUGET
  remote: https://www.nuget.org/api/v2
    Chessie (0.6)
      FSharp.Core
    FSharp.Core (4.0.0.1)
    FSharp.Data (2.3.2)
